PATH
  remote: .
  specs:
    elasticelmah (0.0.3)
      elasticsearch
      log4r

GEM
  remote: http://rubygems.org/
  specs:
    albacore (2.0.6)
      map (~> 6.5)
      nokogiri (~> 1.5)
      rake (~> 10)
      semver2 (~> 3.4)
    elasticsearch (1.0.5)
      elasticsearch-api (= 1.0.5)
      elasticsearch-transport (= 1.0.5)
    elasticsearch-api (1.0.5)
      multi_json
    elasticsearch-transport (1.0.5)
      faraday
      multi_json
    faraday (0.9.0)
      multipart-post (>= 1.2, < 3)
    log4r (1.1.10)
    map (6.5.5)
    mini_portile (0.6.0)
    multi_json (1.10.1)
    multipart-post (2.0.0)
    nokogiri (1.6.3.1)
      mini_portile (= 0.6.0)
    nokogiri (1.6.3.1-x86-mingw32)
      mini_portile (= 0.6.0)
    rake (10.3.2)
    semver2 (3.4.0)

PLATFORMS
  ruby
  x86-mingw32

DEPENDENCIES
  albacore
  bundler
  elasticelmah!
  rake
